GEM
  remote: http://rubygems.org/
  specs:
    addressable (2.2.6)
    adsf (1.0.1)
      rack (>= 1.0.0)
    bluecloth (2.1.0)
    chunky_png (1.2.0)
    compass (0.11.1)
      chunky_png (~> 1.1)
      fssm (>= 0.2.7)
      sass (~> 3.1)
    cri (1.0.1)
    em-websocket (0.2.1)
      addressable (>= 2.1.1)
      eventmachine (>= 0.12.9)
    eventmachine (0.12.10)
    fssm (0.2.7)
    guard (0.3.4)
      thor (~> 0.14.6)
    guard-livereload (0.1.11)
      em-websocket (~> 0.2.0)
      guard (>= 0.2.2)
      json (~> 1.5.1)
    json (1.5.1)
    mime-types (1.16)
    nanoc3 (3.1.7)
      cri (>= 1.0.0)
    rack (1.2.3)
    rake (0.9.0)
    rb-fsevent (0.4.0)
    sass (3.1.1)
    thor (0.14.6)

PLATFORMS
  ruby

DEPENDENCIES
  adsf
  bluecloth
  compass
  guard
  guard-livereload
  mime-types
  nanoc3
  rack
  rake
  rb-fsevent
  sass
